GIT
  remote: git://github.com/Maxim-Filimonov/pact_broker.git
  revision: 91ab649b784d90c69803294c29a60a2f60fb8c36
  branch: heroku
  specs:
    pact_broker (0.0.10)
      httparty
      json
      rack
      roar
      sequel
      versionomy
      webmachine

GEM
  remote: https://rubygems.org/
  specs:
    as-notifications (1.0.1)
    blockenspiel (0.4.5)
    daemons (1.1.9)
    eventmachine (1.0.3)
    httparty (0.13.1)
      json (~> 1.8)
      multi_xml (>= 0.5.2)
    i18n (0.6.9)
    json (1.8.1)
    mini_portile (0.6.0)
    multi_json (1.10.1)
    multi_xml (0.5.5)
    nokogiri (1.6.2.1)
      mini_portile (= 0.6.0)
    pg (0.17.1)
    rack (1.5.2)
    representable (1.8.3)
      multi_json
      nokogiri
      uber
    roar (0.12.7)
      representable (>= 1.6.0)
    sequel (4.10.0)
    thin (1.6.2)
      daemons (>= 1.0.9)
      eventmachine (>= 1.0.0)
      rack (>= 1.0.0)
    uber (0.0.6)
    versionomy (0.4.4)
      blockenspiel (>= 0.4.5)
    webmachine (1.2.2)
      as-notifications (~> 1.0)
      i18n (>= 0.4.0)
      multi_json

PLATFORMS
  ruby

DEPENDENCIES
  pact_broker!
  pg
  thin
