PATH
  remote: .
  specs:
    pact_broker (0.0.10)
      httparty
      json
      rack
      roar
      sequel
      versionomy
      webmachine

GEM
  remote: https://rubygems.org/
  specs:
    as-notifications (1.0.1)
    awesome_print (1.2.0)
    blockenspiel (0.4.5)
    coderay (1.1.0)
    colored (1.2)
    daemons (1.1.9)
    diff-lcs (1.2.5)
    eventmachine (1.0.3)
    fakefs (0.5.2)
    find_a_port (1.0.1)
    httparty (0.13.1)
      json (~> 1.8)
      multi_xml (>= 0.5.2)
    i18n (0.6.9)
    json (1.8.1)
    method_source (0.8.2)
    mini_portile (0.6.0)
    multi_json (1.10.1)
    multi_xml (0.5.5)
    nokogiri (1.6.2.1)
      mini_portile (= 0.6.0)
    pact (1.1.0.rc2)
      awesome_print (~> 1.1)
      colored
      find_a_port (~> 1.0.1)
      json
      rack-test (~> 0.6.2)
      randexp (~> 0.1.7)
      rspec (~> 2.12)
      thor
      webrick
    pg (0.17.1)
    pry (0.9.12.6)
      coderay (~> 1.0)
      method_source (~> 0.8)
      slop (~> 3.4)
    rack (1.5.2)
    rack-test (0.6.2)
      rack (>= 1.0)
    rake (10.3.2)
    randexp (0.1.7)
    representable (1.8.3)
      multi_json
      nokogiri
      uber
    roar (0.12.7)
      representable (>= 1.6.0)
    rspec (2.14.1)
      rspec-core (~> 2.14.0)
      rspec-expectations (~> 2.14.0)
      rspec-mocks (~> 2.14.0)
    rspec-core (2.14.8)
    rspec-expectations (2.14.5)
      diff-lcs (>= 1.1.3, < 2.0)
    rspec-fire (1.2.0)
      rspec (~> 2.11)
    rspec-mocks (2.14.6)
    sequel (4.10.0)
    slop (3.5.0)
    thin (1.6.2)
      daemons (>= 1.0.9)
      eventmachine (>= 1.0.0)
      rack (>= 1.0.0)
    thor (0.19.1)
    uber (0.0.6)
    versionomy (0.4.4)
      blockenspiel (>= 0.4.5)
    webmachine (1.2.2)
      as-notifications (~> 1.0)
      i18n (>= 0.4.0)
      multi_json
    webrick (1.3.1)

PLATFORMS
  ruby

DEPENDENCIES
  fakefs (~> 0.4)
  pact (= 1.1.0.rc2)
  pact_broker!
  pg
  pry
  rake (~> 10.0)
  rspec-fire (~> 1.2.0)
  thin
